GIT
  remote: git://github.com/happypeter/alipay_dualfun.git
  revision: 8f06645cbaaa2e8aaf4b11976e14fdfd640c17a8
  specs:
    alipay_dualfun (0.4)

GEM
  remote: http://ruby.taobao.org/
  specs:
    RedCloth (4.2.9)
    activesupport (4.1.1)
      i18n (~> 0.6, >= 0.6.9)
      json (~> 1.7, >= 1.7.7)
      minitest (~> 5.1)
      thread_safe (~> 0.1)
      tzinfo (~> 1.1)
    addressable (2.3.6)
    backports (3.6.0)
    classifier (1.3.4)
      fast-stemmer (>= 1.0.0)
    code_statistics (0.2.13)
    coffee-script (2.2.0)
      coffee-script-source
      execjs
    coffee-script-source (1.7.0)
    daemons (1.1.9)
    data_objects (0.10.14)
      addressable (~> 2.1)
    diff-lcs (1.2.5)
    directory_watcher (1.4.1)
    dm-core (1.2.1)
      addressable (~> 2.3)
    dm-do-adapter (1.2.0)
      data_objects (~> 0.10.6)
      dm-core (~> 1.2.0)
    dm-migrations (1.2.0)
      dm-core (~> 1.2.0)
    dm-sqlite-adapter (1.2.0)
      dm-do-adapter (~> 1.2.0)
      do_sqlite3 (~> 0.10.6)
    dm-timestamps (1.2.0)
      dm-core (~> 1.2.0)
    do_sqlite3 (0.10.14)
      data_objects (= 0.10.14)
    eventmachine (1.0.3)
    execjs (2.0.2)
    factory_girl (4.4.0)
      activesupport (>= 3.0.0)
    fast-stemmer (1.0.2)
    haml (4.0.5)
      tilt
    i18n (0.6.9)
    jekyll (0.12.1)
      classifier (~> 1.3)
      directory_watcher (~> 1.1)
      kramdown (~> 0.14)
      liquid (~> 2.3)
      maruku (~> 0.5)
      pygments.rb (~> 0.3.2)
    json (1.8.1)
    kramdown (0.14.2)
    libv8 (3.16.14.3)
    liquid (2.3.0)
    maruku (0.7.2)
    minitest (5.3.4)
    multi_json (1.10.1)
    posix-spawn (0.3.8)
    pygments.rb (0.3.7)
      posix-spawn (~> 0.3.6)
      yajl-ruby (~> 1.1.0)
    rack (1.5.2)
    rack-protection (1.5.3)
      rack
    rack-test (0.6.2)
      rack (>= 1.0)
    rake (10.3.2)
    rb-fsevent (0.9.4)
    rdiscount (2.0.7.3)
    ref (1.0.5)
    rspec (2.14.1)
      rspec-core (~> 2.14.0)
      rspec-expectations (~> 2.14.0)
      rspec-mocks (~> 2.14.0)
    rspec-core (2.14.8)
    rspec-expectations (2.14.5)
      diff-lcs (>= 1.1.3, < 2.0)
    rspec-mocks (2.14.6)
    rubypants (0.2.0)
    sass (3.3.7)
    settingslogic (2.0.9)
    sinatra (1.4.5)
      rack (~> 1.4)
      rack-protection (~> 1.4)
      tilt (~> 1.3, >= 1.3.4)
    sinatra-contrib (1.4.2)
      backports (>= 2.0)
      multi_json
      rack-protection
      rack-test
      sinatra (~> 1.4.0)
      tilt (~> 1.3)
    sinatra-flash (0.3.0)
      sinatra (>= 1.0.0)
    sinatra-reloader (1.0)
      sinatra-contrib
    stringex (1.4.0)
    therubyracer (0.12.1)
      libv8 (~> 3.16.14.0)
      ref
    thin (1.6.2)
      daemons (>= 1.0.9)
      eventmachine (>= 1.0.0)
      rack (>= 1.0.0)
    thread_safe (0.3.3)
    tilt (1.4.1)
    tzinfo (1.1.0)
      thread_safe (~> 0.1)
    yajl-ruby (1.1.0)

PLATFORMS
  ruby

DEPENDENCIES
  RedCloth (~> 4.2.9)
  alipay_dualfun!
  code_statistics
  coffee-script
  directory_watcher (= 1.4.1)
  dm-core
  dm-migrations
  dm-sqlite-adapter
  dm-timestamps
  factory_girl
  haml (~> 4.0.5)
  jekyll (~> 0.12)
  liquid (~> 2.3.0)
  pygments.rb (~> 0.3.4)
  rack-test
  rake
  rb-fsevent (~> 0.9)
  rdiscount (~> 2.0.7)
  rspec
  rubypants (~> 0.2.0)
  sass
  settingslogic
  sinatra
  sinatra-flash
  sinatra-reloader
  stringex (~> 1.4.0)
  therubyracer
  thin
  tilt
